GEM
  remote: https://rubygems.org/
  specs:
    bourbon (3.1.8)
      sass (>= 3.2.0)
      thor
    ffi (1.7.0)
    neat (1.3.0)
      bourbon (>= 2.1)
      sass (>= 3.2)
    rack (1.5.2)
    rack-rewrite (1.3.3)
    rake (10.0.4)
    rb-inotify (0.9.0)
      ffi (>= 0.5.0)
    sass (3.2.9)
    thor (0.18.1)

PLATFORMS
  ruby

DEPENDENCIES
  bourbon
  neat
  rack
  rack-rewrite
  rake
  rb-inotify
  sass
