GEM
  remote: https://rubygems.org/
  specs:
    chunky_png (1.2.7)
    compass (0.12.2)
      chunky_png (~> 1.2)
      fssm (>= 0.2.7)
      sass (~> 3.1)
    fssm (0.2.10)
    rack (1.5.2)
    rack-rewrite (1.3.3)
    rake (10.0.4)
    rb-inotify (0.9.0)
      ffi (>= 0.5.0)
    sass (3.2.9)
    zurb-foundation (4.0.9)
      sass (>= 3.2.0)

PLATFORMS
  ruby

DEPENDENCIES
  compass
  rack
  rack-rewrite
  rake
  rb-inotify
  zurb-foundation
